GEM
  remote: http://rubygems.org/
  specs:
    SystemTimer (1.2.3)
    bson (1.3.1)
    bson_ext (1.3.1)
    crack (0.1.8)
    git (1.2.5)
    httparty (0.7.8)
      crack (= 0.1.8)
    jeweler (1.6.4)
      bundler (~> 1.0)
      git (>= 1.2.5)
      rake
    json (1.5.3)
    mongo (1.3.1)
      bson (>= 1.3.1)
    rack (1.3.2)
    rake (0.9.2)
    rcov (0.9.10)
    rugroupy (0.1.0)
    shoulda (2.11.3)
    sinatra (1.2.6)
      rack (~> 1.1)
      tilt (>= 1.2.2, < 2.0)
    sinatra-mongo (0.1.0)
      mongo
      sinatra (>= 0.9.4)
    tilt (1.3.2)

PLATFORMS
  ruby

DEPENDENCIES
  SystemTimer (>= 1.2.3)
  bson (>= 1.3.1)
  bson_ext (>= 1.3.1)
  bundler (~> 1.0.0)
  httparty (>= 0.7.8)
  jeweler (~> 1.6.4)
  json (>= 1.5.3)
  mongo (>= 1.3.1)
  rcov
  rugroupy (>= 0.1.0)
  shoulda
  sinatra (>= 1.2.6)
  sinatra-mongo (>= 0.1.0)
